PATH
  remote: .
  specs:
    gem_activity_tracker (0.1.1)
      listen (~> 3.0)

GEM
  remote: https://rubygems.org/
  specs:
    ffi (1.17.1)
    ffi (1.17.1-x86_64-linux-gnu)
    listen (3.9.0)
      rb-fsevent (~> 0.10, >= 0.10.3)
      rb-inotify (~> 0.9, >= 0.9.10)
    rake (13.2.1)
    rb-fsevent (0.11.2)
    rb-inotify (0.11.1)
      ffi (~> 1.0)

PLATFORMS
  ruby
  x86_64-linux

DEPENDENCIES
  gem_activity_tracker!
  rake (~> 13.0)

BUNDLED WITH
   2.6.3
